FRAMEWORK: NET45
NUGET
  remote: https://www.nuget.org/api/v2
    FAKE (4.58.6)
    Octokit (0.24)
GIT
  remote: https://github.com/ionide/FsAutoComplete.git
     (9f70f0b299ec6a7626608c0a3612e10844c93ddf)
      build: build.cmd LocalRelease
      os: windows
     (9f70f0b299ec6a7626608c0a3612e10844c93ddf)
      build: build.sh LocalRelease
      os: mono
  remote: https://github.com/fsharp-editing/Forge.git
     (4c080a569ef36f4649c18b5b64dbee4c995fc2b7)
      build: build.cmd Build
      os: windows
     (4c080a569ef36f4649c18b5b64dbee4c995fc2b7)
      build: build.sh Build
      os: mono
  remote: https://github.com/ionide/ionide-fsgrammar.git
     (f2e3c30f0ebfcc89fb78ad908701159f20516812)
GITHUB
  remote: fsharp/FAKE
    modules/Octokit/Octokit.fsx (dad2dec00064233e9742b458d96fe64708f3be8a)
      Octokit (>= 0.20)
  remote: Ionide/ionide-vscode-helpers
    Fable.Import.Axios.fs (00f13f6336bf67b5cb1ced243fd028857a64afea)
    Fable.Import.VSCode.fs (00f13f6336bf67b5cb1ced243fd028857a64afea)
    Fable.Import.ws.fs (00f13f6336bf67b5cb1ced243fd028857a64afea)
    Helpers.fs (00f13f6336bf67b5cb1ced243fd028857a64afea)