FRAMEWORK: NET45
NUGET
  remote: https://www.nuget.org/api/v2
    FAKE (4.57.4)
    Octokit (0.24)
GIT
  remote: https://github.com/ionide/FsAutoComplete.git
     (b74b6e244ac7aa198717c43393c37179d32280dc)
      build: build.cmd LocalRelease
      os: windows
     (b74b6e244ac7aa198717c43393c37179d32280dc)
      build: build.sh LocalRelease
      os: mono
  remote: https://github.com/fsharp-editing/Forge.git
     (4c080a569ef36f4649c18b5b64dbee4c995fc2b7)
      build: build.cmd Build
      os: windows
     (4c080a569ef36f4649c18b5b64dbee4c995fc2b7)
      build: build.sh Build
      os: mono
  remote: https://github.com/ionide/ionide-fsgrammar.git
     (4f7e4e4568d6710b0250c4d9bde26915875aee90)
GITHUB
  remote: fsharp/FAKE
    modules/Octokit/Octokit.fsx (8a0082b3cea5849e1ba1fbdb014f4197aa62d09a)
      Octokit (>= 0.20)
  remote: Ionide/ionide-vscode-helpers
    Fable.Import.Axios.fs (00f13f6336bf67b5cb1ced243fd028857a64afea)
    Fable.Import.VSCode.fs (00f13f6336bf67b5cb1ced243fd028857a64afea)
    Fable.Import.ws.fs (00f13f6336bf67b5cb1ced243fd028857a64afea)
    Helpers.fs (00f13f6336bf67b5cb1ced243fd028857a64afea)