FRAMEWORK: NET45
NUGET
  remote: https://www.nuget.org/api/v2
    FAKE (4.61.1)
    Octokit (0.24)
GIT
  remote: https://github.com/fsharp/FsAutoComplete.git
     (13a2f30eea9321b1586981490841b126a6c1e555)
      build: build.cmd LocalRelease
      os: windows
     (13a2f30eea9321b1586981490841b126a6c1e555)
      build: build.sh LocalRelease
      os: mono
  remote: https://github.com/fsharp-editing/Forge.git
     (182db589cb89983114b30c3b75c870745eac778d)
      build: build.cmd Build
      os: windows
     (182db589cb89983114b30c3b75c870745eac778d)
      build: build.sh Build
      os: mono
  remote: https://github.com/ionide/ionide-fsgrammar.git
     (f2e3c30f0ebfcc89fb78ad908701159f20516812)
GITHUB
  remote: fsharp/FAKE
    modules/Octokit/Octokit.fsx (5df6bb2d94cbe28a476fd23e79e411dca6678c4c)
      Octokit (>= 0.20)
  remote: Ionide/ionide-vscode-helpers
    Fable.Import.Axios.fs (00f13f6336bf67b5cb1ced243fd028857a64afea)
    Fable.Import.VSCode.fs (00f13f6336bf67b5cb1ced243fd028857a64afea)
    Fable.Import.ws.fs (00f13f6336bf67b5cb1ced243fd028857a64afea)
    Helpers.fs (00f13f6336bf67b5cb1ced243fd028857a64afea)