NUGET
  remote: https://www.nuget.org/api/v2
    FAKE (4.26)
    FunScript (1.1.94)
    Microsoft.Bcl (1.1.10) - framework: net10, net11, net20, net30, net35, net40, net40-full
      Microsoft.Bcl.Build (>= 1.0.14)
    Microsoft.Bcl.Build (1.0.21) - import_targets: false, framework: net10, net11, net20, net30, net35, net40, net40-full
    Microsoft.Net.Http (2.2.29) - framework: net10, net11, net20, net30, net35, net40, net40-full
      Microsoft.Bcl (>= 1.1.10)
      Microsoft.Bcl.Build (>= 1.0.14)
    Node.js (5.3)
    Npm.js (2.13.1)
      Node.js (>= 0.12.7)
    Octokit (0.19)
      Microsoft.Net.Http  - framework: net10, net11, net20, net30, net35, net40, net40-full
GIT
  remote: https://github.com/ionide/ionide-vscode-helpers.git
     (b81a80ede2179222a5639cf866423d9bc6c2f0b4)
      build: build.cmd
  remote: https://github.com/ionide/FSharpFormatting.CLI.git
     (8b996684032cebe1ba052696fb30081fab023b1f)
      build: build.cmd
  remote: https://github.com/ionide/FsAutoComplete.git
     (e291884b2b52da09f24924a899e8ac84be42c9bc)
      build: build.cmd LocalRelease
  remote: https://github.com/fsprojects/Forge.git
     (0ce0281d45e8f7368f447fc33bf22406b4992801)
      build: build.cmd
  remote: git@github.com:ionide/ionide-fsgrammar.git
     (8061b5296321522633b16d7df66af8cf5fcd3784)
GITHUB
  remote: fsharp/FAKE
    modules/Octokit/Octokit.fsx (32e262c11174b196dc8af16a577c8c3aa0ab0b2b)
      Octokit