NUGET
  remote: https://www.nuget.org/api/v2
  specs:
    FAKE (4.21.4)
    FunScript (1.1.94)
    Microsoft.Bcl (1.1.10)
      Microsoft.Bcl.Build (>= 1.0.14)
    Microsoft.Bcl.Build (1.0.21) - import_targets: false
    Microsoft.Net.Http (2.2.29)
      Microsoft.Bcl (>= 1.1.10)
      Microsoft.Bcl.Build (>= 1.0.14)
    Node.js (5.3.0)
    Npm.js (2.13.1)
      Node.js (>= 0.12.7)
    Octokit (0.18.0)
      Microsoft.Net.Http
GIT
  remote: https://github.com/ionide/ionide-vscode-helpers.git
  specs:
     (b81a80ede2179222a5639cf866423d9bc6c2f0b4)
      build: build.cmd
  remote: https://github.com/ionide/FSharpFormatting.CLI.git
  specs:
     (8b996684032cebe1ba052696fb30081fab023b1f)
      build: build.cmd
  remote: https://github.com/ionide/FsAutoComplete.git
  specs:
     (7f2d9f69f791a49ed5ee55e946ba4ee279659177)
      build: build.cmd LocalRelease
GITHUB
  remote: fsharp/FAKE
  specs:
    modules/Octokit/Octokit.fsx (58dce73f9a069ae7fbfbae993f5e6f06ed9218d5)
      Octokit