FRAMEWORK: NET45
NUGET
  remote: https://www.nuget.org/api/v2
    FAKE (4.50.1)
    Octokit (0.24)
GIT
  remote: https://github.com/ionide/FsAutoComplete.git
     (56914f9debd92ff1c268686888e5869bc8085286)
      build: build.cmd LocalRelease
      os: windows
     (56914f9debd92ff1c268686888e5869bc8085286)
      build: build.sh LocalRelease
      os: mono
  remote: https://github.com/fsharp-editing/Forge.git
     (9f1c283712e6864589dae07a3ce91ce8982283dc)
      build: build.cmd Build
      os: windows
     (9f1c283712e6864589dae07a3ce91ce8982283dc)
      build: build.sh Build
      os: mono
  remote: https://github.com/ionide/ionide-fsgrammar.git
     (4f7e4e4568d6710b0250c4d9bde26915875aee90)
GITHUB
  remote: fsharp/FAKE
    modules/Octokit/Octokit.fsx (fed01fd06a3838b924aca6d3db0ab89813dea2eb)
      Octokit (>= 0.20)
  remote: Ionide/ionide-vscode-helpers
    Fable.Import.Axios.fs (00f13f6336bf67b5cb1ced243fd028857a64afea)
    Fable.Import.VSCode.fs (00f13f6336bf67b5cb1ced243fd028857a64afea)
    Fable.Import.ws.fs (00f13f6336bf67b5cb1ced243fd028857a64afea)
    Helpers.fs (00f13f6336bf67b5cb1ced243fd028857a64afea)