NUGET
  remote: https://www.nuget.org/api/v2
    FAKE (4.36)
    Microsoft.Bcl (1.1.10) - framework: net10, net11, net20, net30, net35, net40, net40-full
      Microsoft.Bcl.Build (>= 1.0.14)
    Microsoft.Bcl.Build (1.0.21) - import_targets: false, framework: net10, net11, net20, net30, net35, net40, net40-full
    Microsoft.Net.Http (2.2.29) - framework: net10, net11, net20, net30, net35, net40, net40-full
      Microsoft.Bcl (>= 1.1.10)
      Microsoft.Bcl.Build (>= 1.0.14)
    Node.js (5.3)
    Npm.js (2.13.1)
      Node.js (>= 0.12.7)
    Octokit (0.21.1)
      Microsoft.Net.Http  - framework: net10, net11, net20, net30, net35, net40, net40-full
GIT
  remote: https://github.com/ionide/FsAutoComplete.git
     (caf889845342a2264254c5e0269c38e4622dcd74)
      build: build.cmd LocalRelease
      os: windows
     (caf889845342a2264254c5e0269c38e4622dcd74)
      build: build.sh LocalRelease
      os: mono
  remote: https://github.com/fsprojects/Forge.git
     (791fe6b468640423d0075bdc624db0f08a03a4c9)
      build: build.cmd PaketBuild
      os: windows
     (791fe6b468640423d0075bdc624db0f08a03a4c9)
      build: build.sh PaketBuild
      os: mono
  remote: https://github.com/ionide/ionide-fsgrammar.git
     (c8fea8dc0a224a2ceb2371bc5e941157aca3de9e)
GITHUB
  remote: fsharp/FAKE
    modules/Octokit/Octokit.fsx (8fd20ae42c996060bc8bedb821edfb50517cdd8b)
      Octokit (>= 0.20)
  remote: Ionide/ionide-vscode-helpers
    Fable.Import.Axios.fs (31fa44e27b67f0d718ff765f2754dc910f0c2548)
    Fable.Import.VSCode.fs (31fa44e27b67f0d718ff765f2754dc910f0c2548)
    Helpers.fs (31fa44e27b67f0d718ff765f2754dc910f0c2548)