RESTRICTION: == net45
NUGET
  remote: https://www.nuget.org/api/v2
    FAKE (4.63)
    Octokit (0.24)
GIT
  remote: https://github.com/fsharp/FsAutoComplete.git
     (2ce757e007cdcff1b9c8bc785acf8d37d5301539)
      build: build.cmd LocalRelease
      os: windows
     (2ce757e007cdcff1b9c8bc785acf8d37d5301539)
      build: build.sh LocalRelease
      os: mono
  remote: https://github.com/fsharp-editing/Forge.git
     (1f87695d813ee521b50c671ed430184b01a25b81)
      build: build.cmd Build
      os: windows
     (1f87695d813ee521b50c671ed430184b01a25b81)
      build: build.sh Build
      os: mono
  remote: https://github.com/ionide/ionide-fsgrammar.git
     (826aa0690b4a1fb536485cc2806fa73b451fcee7)
GITHUB
  remote: fsharp/FAKE
    modules/Octokit/Octokit.fsx (291f58cc70aba6dd871cf18e66d2d88357e4f208)
      Octokit (>= 0.20)
  remote: Ionide/ionide-vscode-helpers
    Fable.Import.Axios.fs (42949401319091b80cd8038524335a54491e4fe1)
    Fable.Import.VSCode.fs (42949401319091b80cd8038524335a54491e4fe1)
    Fable.Import.ws.fs (42949401319091b80cd8038524335a54491e4fe1)
    Helpers.fs (42949401319091b80cd8038524335a54491e4fe1)