FRAMEWORK: NET45
NUGET
  remote: https://www.nuget.org/api/v2
    FAKE (4.40)
    FSharp.Core (4.0.0.1)
    FsUnit (2.3.1)
      FSharp.Core (>= 3.1.2.5)
      NUnit (3.4.1)
    Node.js (5.3)
    Npm.js (2.13.1)
      Node.js (>= 0.12.7)
    NUnit (3.4.1)
    Octokit (0.22)
GIT
  remote: https://github.com/ionide/FsAutoComplete.git
     (ccd7a5c71866c491d6a63d6de180be5d12cb4f10)
      build: build.cmd LocalRelease
      os: windows
     (ccd7a5c71866c491d6a63d6de180be5d12cb4f10)
      build: build.sh LocalRelease
      os: mono
  remote: https://github.com/fsprojects/Forge.git
     (6a9466102b2fbc0ad606617bfa371aec92e595ad)
      build: build.cmd Build
      os: windows
     (6a9466102b2fbc0ad606617bfa371aec92e595ad)
      build: build.sh Build
      os: mono
  remote: https://github.com/ionide/ionide-fsgrammar.git
     (dd4f7025fc7a60f841ee30909873444147f766d4)
GITHUB
  remote: fsharp/FAKE
    modules/Octokit/Octokit.fsx (dab7b5aea40c0855cf35fc7d6e67fa4f411fb24b)
      Octokit (>= 0.20)
  remote: Ionide/ionide-vscode-helpers
    Fable.Import.Axios.fs (40787a5ad9f3d7fec2a2dece971f8c132257a846)
    Fable.Import.VSCode.fs (40787a5ad9f3d7fec2a2dece971f8c132257a846)
    Helpers.fs (40787a5ad9f3d7fec2a2dece971f8c132257a846)