FRAMEWORK: NET45
NUGET
  remote: https://www.nuget.org/api/v2
    FAKE (4.40.1)
    FSharp.Core (4.0.0.1)
    FsUnit (2.3.2)
      FSharp.Core (>= 3.1.2.5)
      NUnit (3.5)
    Node.js (5.3)
    Npm.js (2.13.1)
      Node.js (>= 0.12.7)
    NUnit (3.5)
    Octokit (0.22)
GIT
  remote: https://github.com/ionide/FsAutoComplete.git
     (a629bc740467aca73a779167888e55ca1b0c2b4e)
      build: build.cmd LocalRelease
      os: windows
     (a629bc740467aca73a779167888e55ca1b0c2b4e)
      build: build.sh LocalRelease
      os: mono
  remote: https://github.com/fsprojects/Forge.git
     (6a9466102b2fbc0ad606617bfa371aec92e595ad)
      build: build.cmd Build
      os: windows
     (6a9466102b2fbc0ad606617bfa371aec92e595ad)
      build: build.sh Build
      os: mono
  remote: https://github.com/ionide/ionide-fsgrammar.git
     (dd4f7025fc7a60f841ee30909873444147f766d4)
GITHUB
  remote: fsharp/FAKE
    modules/Octokit/Octokit.fsx (d071e770b2edfe6c9c7242003b2939ad9d0e33a5)
      Octokit (>= 0.20)
  remote: Ionide/ionide-vscode-helpers
    Fable.Import.Axios.fs (df7bcb2e23c59b24b18eb77459f3d97c1b336b3c)
    Fable.Import.VSCode.fs (df7bcb2e23c59b24b18eb77459f3d97c1b336b3c)
    Helpers.fs (df7bcb2e23c59b24b18eb77459f3d97c1b336b3c)