FRAMEWORK: NET45
NUGET
  remote: https://www.nuget.org/api/v2
    FAKE (4.46.1)
    FSharp.Core (4.0.0.1)
    FsUnit (2.3.2)
      FSharp.Core (>= 3.1.2.5)
      NUnit (3.5)
    Node.js (5.3)
    Npm.js (2.13.1)
      Node.js (>= 0.12.7)
    NUnit (3.5)
    Octokit (0.23)
GIT
  remote: https://github.com/ionide/FsAutoComplete.git
     (c19957dc5028f3d7ee3099a3d4abf551880bed80)
      build: build.cmd LocalRelease
      os: windows
     (c19957dc5028f3d7ee3099a3d4abf551880bed80)
      build: build.sh LocalRelease
      os: mono
  remote: https://github.com/fsharp-editing/Forge.git
     (0258550fa0e88f544ddb70b961fdda495b788547)
      build: build.cmd Build
      os: windows
     (0258550fa0e88f544ddb70b961fdda495b788547)
      build: build.sh Build
      os: mono
  remote: https://github.com/ionide/ionide-fsgrammar.git
     (a7ffcf40a20c666c2cc03f80661881c3c2e31027)
GITHUB
  remote: fsharp/FAKE
    modules/Octokit/Octokit.fsx (ab0bacd2f21ee486879a3ea2a765f15b536181fb)
      Octokit (>= 0.20)
  remote: Ionide/ionide-vscode-helpers
    Fable.Import.Axios.fs (acb324dcf319060bd54a91f9af1cfdc67facff88)
    Fable.Import.VSCode.fs (acb324dcf319060bd54a91f9af1cfdc67facff88)
    Fable.Import.ws.fs (acb324dcf319060bd54a91f9af1cfdc67facff88)
    Helpers.fs (acb324dcf319060bd54a91f9af1cfdc67facff88)