FRAMEWORK: NET45
NUGET
  remote: https://www.nuget.org/api/v2
    FAKE (4.61.2)
    Octokit (0.24)
GIT
  remote: https://github.com/fsharp/FsAutoComplete.git
     (13a2f30eea9321b1586981490841b126a6c1e555)
      build: build.cmd LocalRelease
      os: windows
     (13a2f30eea9321b1586981490841b126a6c1e555)
      build: build.sh LocalRelease
      os: mono
  remote: https://github.com/fsharp-editing/Forge.git
     (182db589cb89983114b30c3b75c870745eac778d)
      build: build.cmd Build
      os: windows
     (182db589cb89983114b30c3b75c870745eac778d)
      build: build.sh Build
      os: mono
  remote: https://github.com/ionide/ionide-fsgrammar.git
     (f2e3c30f0ebfcc89fb78ad908701159f20516812)
GITHUB
  remote: fsharp/FAKE
    modules/Octokit/Octokit.fsx (1ada6a9c84aada940bd7e6a7b63c0dc62e2fa56e)
      Octokit (>= 0.20)
  remote: Ionide/ionide-vscode-helpers
    Fable.Import.Axios.fs (fb26fca595b4135baa344ae10b2f03968fed9a6b)
    Fable.Import.VSCode.fs (fb26fca595b4135baa344ae10b2f03968fed9a6b)
    Fable.Import.ws.fs (fb26fca595b4135baa344ae10b2f03968fed9a6b)
    Helpers.fs (fb26fca595b4135baa344ae10b2f03968fed9a6b)