FRAMEWORK: NET45
NUGET
  remote: https://www.nuget.org/api/v2
    FAKE (4.41.8)
    FSharp.Core (4.0.0.1)
    FsUnit (2.3.2)
      FSharp.Core (>= 3.1.2.5)
      NUnit (3.5)
    Node.js (5.3)
    Npm.js (2.13.1)
      Node.js (>= 0.12.7)
    NUnit (3.5)
    Octokit (0.23)
GIT
  remote: https://github.com/ionide/FsAutoComplete.git
     (f9a979a88fec37e2265f876575180ef85007560a)
      build: build.cmd LocalRelease
      os: windows
     (f9a979a88fec37e2265f876575180ef85007560a)
      build: build.sh LocalRelease
      os: mono
  remote: https://github.com/fsprojects/Forge.git
     (d921492142d47a82ed8258ab4e25dcad6e69f467)
      build: build.cmd Build
      os: windows
     (d921492142d47a82ed8258ab4e25dcad6e69f467)
      build: build.sh Build
      os: mono
  remote: https://github.com/ionide/ionide-fsgrammar.git
     (dd4f7025fc7a60f841ee30909873444147f766d4)
GITHUB
  remote: fsharp/FAKE
    modules/Octokit/Octokit.fsx (4e4428bfe931a5f720e32f9d69289d25eb16d467)
      Octokit (>= 0.20)
  remote: Ionide/ionide-vscode-helpers
    Fable.Import.Axios.fs (7bad9b1085f6348df587792e037fd5b0a55a5432)
    Fable.Import.VSCode.fs (7bad9b1085f6348df587792e037fd5b0a55a5432)
    Helpers.fs (7bad9b1085f6348df587792e037fd5b0a55a5432)