NUGET
  remote: https://www.nuget.org/api/v2
  specs:
    FAKE (4.22.3)
    FunScript (1.1.94)
    Microsoft.Bcl (1.1.10) - framework: net10, net11, net20, net30, net35, net40, net40-full
      Microsoft.Bcl.Build (>= 1.0.14)
    Microsoft.Bcl.Build (1.0.21) - import_targets: false, framework: net10, net11, net20, net30, net35, net40, net40-full
    Microsoft.Net.Http (2.2.29) - framework: net10, net11, net20, net30, net35, net40, net40-full
      Microsoft.Bcl (>= 1.1.10)
      Microsoft.Bcl.Build (>= 1.0.14)
    Node.js (5.3.0)
    Npm.js (2.13.1)
      Node.js (>= 0.12.7)
    Octokit (0.19.0)
      Microsoft.Net.Http  - framework: net10, net11, net20, net30, net35, net40, net40-full
GIT
  remote: https://github.com/ionide/ionide-vscode-helpers.git
  specs:
     (b81a80ede2179222a5639cf866423d9bc6c2f0b4)
      build: build.cmd
  remote: https://github.com/ionide/FSharpFormatting.CLI.git
  specs:
     (8b996684032cebe1ba052696fb30081fab023b1f)
      build: build.cmd
  remote: https://github.com/ionide/FsAutoComplete.git
  specs:
     (8cce3b4fe533892afe376425190ec5f13affd496)
      build: build.cmd LocalRelease
  remote: git@github.com:ionide/ionide-fsgrammar.git
  specs:
     (4d7523d45330bd44ca6db56e5907aa7151e8a514)
GITHUB
  remote: fsharp/FAKE
  specs:
    modules/Octokit/Octokit.fsx (fa8d99c82c05e048e918a405a478b62db2e70c56)
      Octokit