NUGET
  remote: https://www.nuget.org/api/v2
  specs:
    FAKE (4.25.2)
    FunScript (1.1.94)
    Microsoft.Bcl (1.1.10) - framework: net10, net11, net20, net30, net35, net40, net40-full
      Microsoft.Bcl.Build (>= 1.0.14)
    Microsoft.Bcl.Build (1.0.21) - import_targets: false, framework: net10, net11, net20, net30, net35, net40, net40-full
    Microsoft.Net.Http (2.2.29) - framework: net10, net11, net20, net30, net35, net40, net40-full
      Microsoft.Bcl (>= 1.1.10)
      Microsoft.Bcl.Build (>= 1.0.14)
    Node.js (5.3)
    Npm.js (2.13.1)
      Node.js (>= 0.12.7)
    Octokit (0.19)
      Microsoft.Net.Http  - framework: net10, net11, net20, net30, net35, net40, net40-full
GIT
  remote: https://github.com/ionide/ionide-vscode-helpers.git
  specs:
     (b81a80ede2179222a5639cf866423d9bc6c2f0b4)
      build: build.cmd
  remote: https://github.com/ionide/FSharpFormatting.CLI.git
  specs:
     (8b996684032cebe1ba052696fb30081fab023b1f)
      build: build.cmd
  remote: https://github.com/ionide/FsAutoComplete.git
  specs:
     (8be5fa64fdd5b8f811c7dda1beaa3b861c5808b2)
      build: build.cmd LocalRelease
  remote: git@github.com:ionide/ionide-fsgrammar.git
  specs:
     (8061b5296321522633b16d7df66af8cf5fcd3784)
GITHUB
  remote: fsharp/FAKE
  specs:
    modules/Octokit/Octokit.fsx (59dfade480c5f9107107f11af366aaae1f4a9157)
      Octokit