FRAMEWORK: NET45
NUGET
  remote: https://www.nuget.org/api/v2
    FAKE (4.47)
    FSharp.Core (4.0.0.1)
    FsUnit (2.3.2)
      FSharp.Core (>= 3.1.2.5)
      NUnit (3.5)
    Node.js (5.3)
    Npm.js (2.13.1)
      Node.js (>= 0.12.7)
    NUnit (3.5)
    Octokit (0.23)
GIT
  remote: https://github.com/ionide/FsAutoComplete.git
     (ecf5b5ae5ce9610752441c55a19dc332fb156bab)
      build: build.cmd LocalRelease
      os: windows
     (ecf5b5ae5ce9610752441c55a19dc332fb156bab)
      build: build.sh LocalRelease
      os: mono
  remote: https://github.com/fsharp-editing/Forge.git
     (3e4561f54a8196c14a8d2c07f79dd351a105dc77)
      build: build.cmd Build
      os: windows
     (3e4561f54a8196c14a8d2c07f79dd351a105dc77)
      build: build.sh Build
      os: mono
  remote: https://github.com/ionide/ionide-fsgrammar.git
     (a7ffcf40a20c666c2cc03f80661881c3c2e31027)
GITHUB
  remote: fsharp/FAKE
    modules/Octokit/Octokit.fsx (954b349a91b815a707941dd0be0dfda124f51da9)
      Octokit (>= 0.20)
  remote: Ionide/ionide-vscode-helpers
    Fable.Import.Axios.fs (acb324dcf319060bd54a91f9af1cfdc67facff88)
    Fable.Import.VSCode.fs (acb324dcf319060bd54a91f9af1cfdc67facff88)
    Fable.Import.ws.fs (acb324dcf319060bd54a91f9af1cfdc67facff88)
    Helpers.fs (acb324dcf319060bd54a91f9af1cfdc67facff88)