FRAMEWORK: NET45
NUGET
  remote: https://www.nuget.org/api/v2
    FAKE (4.50)
    FSharp.Core (4.0.0.1)
    FsUnit (2.3.2)
      FSharp.Core (>= 3.1.2.5)
      NUnit (3.5)
    Node.js (5.3)
    Npm.js (2.13.1)
      Node.js (>= 0.12.7)
    NUnit (3.5)
    Octokit (0.24)
GIT
  remote: https://github.com/ionide/FsAutoComplete.git
     (a419644350ef47ef63adab80a0de4a0951b84ebd)
      build: build.cmd LocalRelease
      os: windows
     (a419644350ef47ef63adab80a0de4a0951b84ebd)
      build: build.sh LocalRelease
      os: mono
  remote: https://github.com/fsharp-editing/Forge.git
     (0a6c7568affbe43585e8bdbe6f123c0fe1176866)
      build: build.cmd Build
      os: windows
     (0a6c7568affbe43585e8bdbe6f123c0fe1176866)
      build: build.sh Build
      os: mono
  remote: https://github.com/ionide/ionide-fsgrammar.git
     (16d4cc8cb0224d8861a7b48107ac102e3f51579a)
GITHUB
  remote: fsharp/FAKE
    modules/Octokit/Octokit.fsx (82bf328cc145d8843e43ac2075c97a0990efc0ca)
      Octokit (>= 0.20)
  remote: Ionide/ionide-vscode-helpers
    Fable.Import.Axios.fs (4e6b3d67e3976202c4e0a991937295a23ae376d1)
    Fable.Import.VSCode.fs (4e6b3d67e3976202c4e0a991937295a23ae376d1)
    Fable.Import.ws.fs (4e6b3d67e3976202c4e0a991937295a23ae376d1)
    Helpers.fs (4e6b3d67e3976202c4e0a991937295a23ae376d1)