NUGET
  remote: https://www.nuget.org/api/v2
    FAKE (4.35.1)
    Microsoft.Bcl (1.1.10) - framework: net10, net11, net20, net30, net35, net40, net40-full
      Microsoft.Bcl.Build (>= 1.0.14)
    Microsoft.Bcl.Build (1.0.21) - import_targets: false, framework: net10, net11, net20, net30, net35, net40, net40-full
    Microsoft.Net.Http (2.2.29) - framework: net10, net11, net20, net30, net35, net40, net40-full
      Microsoft.Bcl (>= 1.1.10)
      Microsoft.Bcl.Build (>= 1.0.14)
    Node.js (5.3)
    Npm.js (2.13.1)
      Node.js (>= 0.12.7)
    Octokit (0.21.1)
      Microsoft.Net.Http  - framework: net10, net11, net20, net30, net35, net40, net40-full
GIT
  remote: https://github.com/ionide/ionide-vscode-helpers.git
     (b81a80ede2179222a5639cf866423d9bc6c2f0b4)
      build: build.cmd
      os: windows
     (b81a80ede2179222a5639cf866423d9bc6c2f0b4)
      build: build.sh
      os: mono
  remote: https://github.com/ionide/FsAutoComplete.git
     (caf889845342a2264254c5e0269c38e4622dcd74)
      build: build.cmd LocalRelease
      os: windows
     (caf889845342a2264254c5e0269c38e4622dcd74)
      build: build.sh LocalRelease
      os: mono
  remote: https://github.com/fsprojects/Forge.git
     (c573b9fe2abc462a22fa24eb6c9c0cbc52d14f95)
      build: build.cmd
      os: windows
     (c573b9fe2abc462a22fa24eb6c9c0cbc52d14f95)
      build: build.sh
      os: mono
  remote: https://github.com/ionide/ionide-fsgrammar.git
     (c8fea8dc0a224a2ceb2371bc5e941157aca3de9e)
GITHUB
  remote: fsharp/FAKE
    modules/Octokit/Octokit.fsx (def4ef86c0552d7126cbe6756c7b7fdda447245d)
      Octokit (>= 0.20)
  remote: Ionide/ionide-vscode-helpers
    Fable.Import.Axios.fs (777815f9c3f9b3925e42c6394c7f1f5fac124d6a)
    Fable.Import.VSCode.fs (777815f9c3f9b3925e42c6394c7f1f5fac124d6a)
    Helpers.fs (777815f9c3f9b3925e42c6394c7f1f5fac124d6a)