FRAMEWORK: NET45
NUGET
  remote: https://www.nuget.org/api/v2
    FAKE (4.45.1)
    FSharp.Core (4.0.0.1)
    FsUnit (2.3.2)
      FSharp.Core (>= 3.1.2.5)
      NUnit (3.5)
    Node.js (5.3)
    Npm.js (2.13.1)
      Node.js (>= 0.12.7)
    NUnit (3.5)
    Octokit (0.23)
GIT
  remote: https://github.com/ionide/FsAutoComplete.git
     (1ccdf24aebf1f1d06be66ce534fbe9f24cd4c8e9)
      build: build.cmd LocalRelease
      os: windows
     (1ccdf24aebf1f1d06be66ce534fbe9f24cd4c8e9)
      build: build.sh LocalRelease
      os: mono
  remote: https://github.com/fsharp-editing/Forge.git
     (642d7e84010e68cb39e3bd63a6ab262631f7fdad)
      build: build.cmd Build
      os: windows
     (642d7e84010e68cb39e3bd63a6ab262631f7fdad)
      build: build.sh Build
      os: mono
  remote: https://github.com/ionide/ionide-fsgrammar.git
     (d627014204dbf241fb80d80895f8fcaa0f95941d)
GITHUB
  remote: fsharp/FAKE
    modules/Octokit/Octokit.fsx (f367c3d28b1fc9a2a89636c2b870dea4b4559dca)
      Octokit (>= 0.20)
  remote: Ionide/ionide-vscode-helpers
    Fable.Import.Axios.fs (fa929e434505f301dba56107ffbd15192216fc35)
    Fable.Import.VSCode.fs (fa929e434505f301dba56107ffbd15192216fc35)
    Fable.Import.ws.fs (fa929e434505f301dba56107ffbd15192216fc35)
    Helpers.fs (fa929e434505f301dba56107ffbd15192216fc35)