NUGET
  remote: https://www.nuget.org/api/v2
    FAKE (4.29.2)
    FunScript (1.1.94)
    Microsoft.Bcl (1.1.10) - framework: net10, net11, net20, net30, net35, net40, net40-full
      Microsoft.Bcl.Build (>= 1.0.14)
    Microsoft.Bcl.Build (1.0.21) - import_targets: false, framework: net10, net11, net20, net30, net35, net40, net40-full
    Microsoft.Net.Http (2.2.29) - framework: net10, net11, net20, net30, net35, net40, net40-full
      Microsoft.Bcl (>= 1.1.10)
      Microsoft.Bcl.Build (>= 1.0.14)
    Node.js (5.3)
    Npm.js (2.13.1)
      Node.js (>= 0.12.7)
    Octokit (0.20)
      Microsoft.Net.Http  - framework: net10, net11, net20, net30, net35, net40, net40-full
GIT
  remote: https://github.com/ionide/ionide-vscode-helpers.git
     (b81a80ede2179222a5639cf866423d9bc6c2f0b4)
      build: build.cmd
  remote: https://github.com/ionide/FSharpFormatting.CLI.git
     (8b996684032cebe1ba052696fb30081fab023b1f)
      build: build.cmd
  remote: https://github.com/ionide/FsAutoComplete.git
     (b0be46f63b18c695b70244e3cdc21d8773fc779c)
      build: build.cmd LocalRelease
  remote: https://github.com/fsprojects/Forge.git
     (5a71633e50eec713046fdc2d5b2ba607f6debc12)
      build: build.cmd
  remote: git@github.com:ionide/ionide-fsgrammar.git
     (2f4e742bffe2592f5c5c14b9aa13b294e7131ff2)
GITHUB
  remote: fsharp/FAKE
    modules/Octokit/Octokit.fsx (911c3efbc9127d52b1db0dc0ed6e12aafd23d548)
      Octokit (>= 0.20)
  remote: Ionide/ionide-vscode-helpers
    Fable.Import.Axios.fs (3e265d66a838d0bfef745b154138609ec0dcbf32)
    Fable.Import.VSCode.fs (3e265d66a838d0bfef745b154138609ec0dcbf32)
    Helpers.fs (3e265d66a838d0bfef745b154138609ec0dcbf32)